GIT
  remote: https://github.com/scottrblock/cfb-ruby-client.git
  revision: b8fbbbf85723751ea679120dfa0623bfaf48dd84
  specs:
    swagger_client (1.0.0)
      json (~> 2.1, >= 2.1.0)
      typhoeus (~> 1.0, >= 1.0.1)

GEM
  remote: https://rubygems.org/
  specs:
    ethon (0.12.0)
      ffi (>= 1.3.0)
    faraday (0.17.1)
      multipart-post (>= 1.2, < 3)
    faraday_middleware (0.13.1)
      faraday (>= 0.7.4, < 1.0)
    ffi (1.11.3)
    json (2.3.0)
    multipart-post (2.1.1)
    svelte (0.3.0)
      faraday (~> 0.9)
      faraday_middleware (~> 0.10)
      typhoeus (~> 1.0)
    typhoeus (1.3.1)
      ethon (>= 0.9.0)

PLATFORMS
  ruby

DEPENDENCIES
  faraday
  svelte
  swagger_client!

BUNDLED WITH
   2.1.2
